GIT
  remote: https://github.com/everypolitician/wikidata-fetcher.git
  revision: 757c22638a3d2775f6ad92a8e46f78a5817dba2e
  specs:
    wikidata-fetcher (0.6.1)
      colorize
      diskcached
      mediawiki_api
      wikidata-client (~> 0.0.7)

GIT
  remote: https://github.com/openaustralia/scraperwiki-ruby.git
  revision: fc50176812505e463077d5c673d504a6a234aa78
  branch: morph_defaults
  specs:
    scraperwiki (3.0.1)
      httpclient
      sqlite_magic

GEM
  remote: https://rubygems.org/
  specs:
    colorize (0.7.7)
    diskcached (1.1.2)
    domain_name (0.5.25)
      unf (>= 0.0.5, < 1.0.0)
    excon (0.45.4)
    faraday (0.9.2)
      multipart-post (>= 1.2, < 3)
    faraday-cookie_jar (0.0.6)
      faraday (>= 0.7.4)
      http-cookie (~> 1.0.0)
    faraday_middleware (0.10.0)
      faraday (>= 0.7.4, < 0.10)
    hashie (3.4.2)
    http-cookie (1.0.2)
      domain_name (~> 0.5)
    httpclient (2.6.0.1)
    mediawiki_api (0.5.0)
      faraday (~> 0.9, >= 0.9.0)
      faraday-cookie_jar (~> 0.0, >= 0.0.6)
    multipart-post (2.0.0)
    sqlite3 (1.3.10)
    sqlite_magic (0.0.3)
      sqlite3
    unf (0.1.4)
      unf_ext
    unf_ext (0.0.7.1)
    wikidata-client (0.0.8)
      excon (~> 0.40)
      faraday (~> 0.9)
      faraday_middleware (~> 0.9)
      hashie (~> 3.3)

PLATFORMS
  ruby

DEPENDENCIES
  scraperwiki!
  wikidata-fetcher!

BUNDLED WITH
   1.10.6
